PATH
  remote: .
  specs:
    architect4r (0.0.1)
      active_support
      json
      typhoeus

GEM
  remote: http://rubygems.org/
  specs:
    active_support (3.0.0)
      activesupport (= 3.0.0)
    activesupport (3.0.0)
    diff-lcs (1.1.3)
    growl (1.0.3)
    guard (0.6.2)
      thor (~> 0.14.6)
    guard-rspec (0.4.3)
      guard (>= 0.4.0)
    json (1.5.3)
    mime-types (1.16)
    rb-fsevent (0.4.3.1)
    rspec (2.6.0)
      rspec-core (~> 2.6.0)
      rspec-expectations (~> 2.6.0)
      rspec-mocks (~> 2.6.0)
    rspec-core (2.6.4)
    rspec-expectations (2.6.0)
      diff-lcs (~> 1.1.2)
    rspec-mocks (2.6.0)
    thor (0.14.6)
    typhoeus (0.2.4)
      mime-types
      mime-types

PLATFORMS
  ruby

DEPENDENCIES
  architect4r!
  growl
  guard
  guard-rspec
  rb-fsevent
  rspec
