PATH
  remote: .
  specs:
    architect4r (0.3)
      activemodel (~> 3.0)
      json (~> 1.5)
      typhoeus (~> 0.2)

GEM
  remote: http://rubygems.org/
  specs:
    activemodel (3.1.1)
      activesupport (= 3.1.1)
      builder (~> 3.0.0)
      i18n (~> 0.6)
    activesupport (3.1.1)
      multi_json (~> 1.0)
    builder (3.0.0)
    diff-lcs (1.1.3)
    growl (1.0.3)
    guard (0.8.7)
      thor (~> 0.14.6)
    guard-rspec (0.5.0)
      guard (>= 0.8.4)
    i18n (0.6.0)
    json (1.6.1)
    mime-types (1.16)
    multi_json (1.0.3)
    rake (0.9.2)
    rb-fsevent (0.4.3.1)
    rspec (2.7.0)
      rspec-core (~> 2.7.0)
      rspec-expectations (~> 2.7.0)
      rspec-mocks (~> 2.7.0)
    rspec-core (2.7.1)
    rspec-expectations (2.7.0)
      diff-lcs (~> 1.1.2)
    rspec-mocks (2.7.0)
    thor (0.14.6)
    typhoeus (0.3.2)
      mime-types

PLATFORMS
  ruby

DEPENDENCIES
  architect4r!
  growl
  guard
  guard-rspec
  rake
  rb-fsevent
  rspec
